PATH
  remote: .
  specs:
    resque-priority-jobs (0.1)
      resque

GEM
  remote: https://rubygems.org/
  specs:
    diff-lcs (1.1.3)
    facets (2.9.3)
    json (1.6.3)
    rack (1.3.5)
    redis (2.2.2)
    redis-namespace (0.7.0)
      redis (< 3.0.0)
    resque (1.9.8)
      json (>= 1.1.0)
      redis-namespace (~> 0.7.0)
      sinatra (>= 0.9.2)
      vegas (~> 0.1.2)
    rspec (2.7.0)
      rspec-core (~> 2.7.0)
      rspec-expectations (~> 2.7.0)
      rspec-mocks (~> 2.7.0)
    rspec-core (2.7.1)
    rspec-expectations (2.7.0)
      diff-lcs (~> 1.1.2)
    rspec-mocks (2.7.0)
    sinatra (1.2.6)
      rack (~> 1.1)
      tilt (>= 1.2.2, < 2.0)
    tilt (1.3.3)
    vegas (0.1.8)
      rack (>= 1.0.0)

PLATFORMS
  ruby

DEPENDENCIES
  facets
  resque-priority-jobs!
  rspec
